GEM
  remote: https://rubygems.org/
  specs:
    builder (3.1.4)
    daemons (1.1.9)
    eventmachine (1.0.0)
    geminabox (0.10.1)
      builder
      httpclient (>= 2.2.7)
      sinatra
    httpclient (2.3.2)
    rack (1.4.4)
    rack-protection (1.3.2)
      rack
    sinatra (1.3.3)
      rack (~> 1.3, >= 1.3.6)
      rack-protection (~> 1.2)
      tilt (~> 1.3, >= 1.3.3)
    thin (1.5.0)
      daemons (>= 1.0.9)
      eventmachine (>= 0.12.6)
      rack (>= 1.0.0)
    tilt (1.3.3)

PLATFORMS
  ruby

DEPENDENCIES
  geminabox
  thin
